{
  "aor": 0.05633947368421052,
  "aqi": 0.01621813736842105,
  "bids_meta": {
    "EchoTime": 0.028,
    "EffectiveEchoSpacing": 0.000510004,
    "FlipAngle": 78,
    "ImageType": "ORIGINAL_PRIMARY_M_ND_MOSAIC",
    "MagneticFieldStrength": 3,
    "Manufacturer": "Siemens",
    "ManufacturersModelName": "TrioTim",
    "PhaseEncodingDirection": "j-",
    "RepetitionTime": 2,
    "SliceTiming": [
      1.9275,
      1.8675,
      1.805,
      1.745,
      1.685,
      1.625,
      1.565,
      1.505,
      1.445,
      1.385,
      1.325,
      1.265,
      1.205,
      1.1425,
      1.0825,
      1.0225,
      0.9625,
      0.9025,
      0.8425,
      0.7825,
      0.7225,
      0.6625,
      0.6025,
      0.5425,
      0.48,
      0.42,
      0.36,
      0.3,
      0.24,
      0.18,
      0.12,
      0.06,
      0
    ],
    "TaskName": "unknown",
    "dataset": "ds001178",
    "modality": "bold",
    "subject_id": "ben03",
    "task_id": "unknown"
  },
  "dummy_trs": 1,
  "dvars_nstd": 52.32463773055556,
  "dvars_std": 1.9541704127777777,
  "dvars_vstd": 1.7162645622222221,
  "efc": 0.5354914215348467,
  "fber": 971.010986328125,
  "fd_mean": 0.8365140459352647,
  "fd_num": 14,
  "fd_perc": 73.6842105263158,
  "fwhm_avg": 2.1029336326620496,
  "fwhm_x": 1.9104114285714286,
  "fwhm_y": 2.1709742857142857,
  "fwhm_z": 2.227415183700434,
  "gcor": 0.023857,
  "gsr_x": -0.01365742925554514,
  "gsr_y": 0.030075673013925552,
  "provenance": {
    "md5sum": "5e6534f5d5de274ce1f3c1629ecb7228",
    "settings": {
      "fd_thres": 0.2,
      "testing": false
    },
    "software": "mriqc",
    "version": "22.0.6",
    "webapi_port": null,
    "webapi_url": "https://mriqc.nimh.nih.gov/api/v1"
  },
  "size_t": 19,
  "size_x": 64,
  "size_y": 64,
  "size_z": 33,
  "snr": 5.198471565786691,
  "spacing_tr": 2.0,
  "spacing_x": 3.5,
  "spacing_y": 3.5,
  "spacing_z": 3.299999952316284,
  "summary_bg_k": 33.58137386001851,
  "summary_bg_mad": 7.881202308628474,
  "summary_bg_mean": 52.40135955810547,
  "summary_bg_median": 27.842105865478516,
  "summary_bg_n": 81337.0,
  "summary_bg_p05": 21.63157844543457,
  "summary_bg_p95": 177.84210205078125,
  "summary_bg_stdv": 72.58396911621094,
  "summary_fg_k": 1.7464983073252682,
  "summary_fg_mad": 137.5699033515614,
  "summary_fg_mean": 897.5636596679688,
  "summary_fg_median": 886.8947143554688,
  "summary_fg_n": 25103.0,
  "summary_fg_p05": 621.0578796386719,
  "summary_fg_p95": 1191.7262939453124,
  "summary_fg_stdv": 170.60342407226562,
  "tsnr": 43.767832920188084
}