{
  "aor": 0.006829034482758621,
  "aqi": 0.007360668206896551,
  "bids_meta": {
    "EchoTime": 0.028,
    "EffectiveEchoSpacing": 0.000500008,
    "FlipAngle": 78,
    "ImageType": [
      "ORIGINAL",
      "PRIMARY",
      "M",
      "ND",
      "MOSAIC"
    ],
    "MagneticFieldStrength": 3,
    "Manufacturer": "Siemens",
    "ManufacturersModelName": "TrioTim",
    "PhaseEncodingDirection": "j-",
    "RepetitionTime": 2,
    "SliceTiming": [
      1.945,
      1.8825,
      1.82,
      1.7575,
      1.695,
      1.63,
      1.5675,
      1.505,
      1.4425,
      1.38,
      1.3175,
      1.255,
      1.1925,
      1.13,
      1.0675,
      1.005,
      0.94,
      0.8775,
      0.815,
      0.7525,
      0.69,
      0.6275,
      0.565,
      0.5025,
      0.44,
      0.3775,
      0.315,
      0.25,
      0.1875,
      0.125,
      0.0625,
      0
    ],
    "TaskName": "unknown",
    "dataset": "ds001178",
    "modality": "bold",
    "subject_id": "arielle01",
    "task_id": "unknown"
  },
  "dummy_trs": 1,
  "dvars_nstd": 23.56982016647058,
  "dvars_std": 1.1410761119031136,
  "dvars_vstd": 1.0647849859861582,
  "efc": 0.56237469158581,
  "fber": 930.0501098632812,
  "fd_mean": 0.1118448439045879,
  "fd_num": 30,
  "fd_perc": 10.344827586206897,
  "fwhm_avg": 1.7477321384290327,
  "fwhm_x": 1.6867966666666667,
  "fwhm_y": 1.930280153404884,
  "fwhm_z": 1.6261195952155478,
  "gcor": 0.0495059,
  "gsr_x": -0.016892265528440475,
  "gsr_y": 0.053511302918195724,
  "provenance": {
    "md5sum": "fdee9f6766bbc5be9a532570d8b83b69",
    "settings": {
      "fd_thres": 0.2,
      "testing": false
    },
    "software": "mriqc",
    "version": "22.0.6",
    "webapi_port": null,
    "webapi_url": "https://mriqc.nimh.nih.gov/api/v1"
  },
  "size_t": 290,
  "size_x": 70,
  "size_y": 70,
  "size_z": 32,
  "snr": 5.976922186455382,
  "spacing_tr": 2.0,
  "spacing_x": 3.0,
  "spacing_y": 2.999999761581421,
  "spacing_z": 3.5999996662139893,
  "summary_bg_k": 23.594853277442745,
  "summary_bg_mad": 6.032657887955066,
  "summary_bg_mean": 53.728973388671875,
  "summary_bg_median": 24.386207580566406,
  "summary_bg_n": 90722.0,
  "summary_bg_p05": 19.88275909423828,
  "summary_bg_p95": 207.47827453613274,
  "summary_bg_stdv": 77.7647476196289,
  "summary_fg_k": 1.7741309869093893,
  "summary_fg_mad": 110.4027379438617,
  "summary_fg_mean": 770.76025390625,
  "summary_fg_median": 761.0689697265625,
  "summary_fg_n": 31837.0,
  "summary_fg_p05": 572.9731079101563,
  "summary_fg_p95": 985.3889892578123,
  "summary_fg_stdv": 127.33259582519531,
  "tsnr": 57.36870355345309
}