{
  "aor": 0.0211085,
  "aqi": 0.004378670499999999,
  "bids_meta": {
    "EchoTime": 0.028,
    "EffectiveEchoSpacing": 0.000510004,
    "FlipAngle": 78,
    "ImageType": "ORIGINAL_PRIMARY_M_ND_MOSAIC",
    "MagneticFieldStrength": 3,
    "Manufacturer": "Siemens",
    "ManufacturersModelName": "TrioTim",
    "PhaseEncodingDirection": "j-",
    "RepetitionTime": 2,
    "SliceTiming": [
      1.9475,
      1.885,
      1.825,
      1.765,
      1.7025,
      1.6425,
      1.5825,
      1.52,
      1.46,
      1.4,
      1.3375,
      1.2775,
      1.2175,
      1.155,
      1.095,
      1.035,
      0.9725,
      0.9125,
      0.8525,
      0.79,
      0.73,
      0.67,
      0.6075,
      0.5475,
      0.4875,
      0.425,
      0.365,
      0.305,
      0.2425,
      0.1825,
      0.1225,
      0.06,
      0
    ],
    "TaskName": "unknown",
    "dataset": "ds001178",
    "modality": "bold",
    "subject_id": "ben04",
    "task_id": "unknown"
  },
  "dummy_trs": 0,
  "dvars_nstd": 22.602014240526312,
  "dvars_std": 1.1097219389473683,
  "dvars_vstd": 1.092916865789474,
  "efc": 0.52693621092644,
  "fber": 1373.7730712890625,
  "fd_mean": 0.28385356505782583,
  "fd_num": 10,
  "fd_perc": 50.0,
  "fwhm_avg": 2.0123681198034316,
  "fwhm_x": 1.8359142857142856,
  "fwhm_y": 2.0969142857142855,
  "fwhm_z": 2.1042757879817238,
  "gcor": 0.040761,
  "gsr_x": -0.013572696596384048,
  "gsr_y": 0.02888597920536995,
  "provenance": {
    "md5sum": "f72a8a284b54e3e9e5e2d00661b9ee53",
    "settings": {
      "fd_thres": 0.2,
      "testing": false
    },
    "software": "mriqc",
    "version": "22.0.6",
    "webapi_port": null,
    "webapi_url": "https://mriqc.nimh.nih.gov/api/v1"
  },
  "size_t": 20,
  "size_x": 64,
  "size_y": 64,
  "size_z": 33,
  "snr": 5.424284385370294,
  "spacing_tr": 2.0,
  "spacing_x": 3.5,
  "spacing_y": 3.5,
  "spacing_z": 3.299999952316284,
  "summary_bg_k": 36.08023094928548,
  "summary_bg_mad": 8.006051414362387,
  "summary_bg_mean": 45.441192626953125,
  "summary_bg_median": 22.25,
  "summary_bg_n": 81523.0,
  "summary_bg_p05": 15.90000057220459,
  "summary_bg_p95": 159.6999969482422,
  "summary_bg_stdv": 68.72132110595703,
  "summary_fg_k": 1.751551647672561,
  "summary_fg_mad": 122.68533358133855,
  "summary_fg_mean": 851.2490844726562,
  "summary_fg_median": 843.0499877929688,
  "summary_fg_n": 24934.0,
  "summary_fg_p05": 594.8475158691407,
  "summary_fg_p95": 1119.4525329589842,
  "summary_fg_stdv": 155.41830444335938,
  "tsnr": 69.41944683738984
}