{
  "aor": 0.0409385,
  "aqi": 0.007899605,
  "bids_meta": {
    "EchoTime": 0.028,
    "EffectiveEchoSpacing": 0.000510004,
    "FlipAngle": 78,
    "ImageType": "ORIGINAL_PRIMARY_M_ND_MOSAIC",
    "MagneticFieldStrength": 3,
    "Manufacturer": "Siemens",
    "ManufacturersModelName": "TrioTim",
    "PhaseEncodingDirection": "j-",
    "RepetitionTime": 2,
    "SliceTiming": [
      1.945,
      1.885,
      1.825,
      1.7625,
      1.7025,
      1.6425,
      1.58,
      1.52,
      1.46,
      1.3975,
      1.3375,
      1.2775,
      1.215,
      1.155,
      1.095,
      1.0325,
      0.9725,
      0.9125,
      0.85,
      0.79,
      0.73,
      0.6675,
      0.6075,
      0.5475,
      0.485,
      0.425,
      0.365,
      0.3025,
      0.2425,
      0.1825,
      0.12,
      0.06,
      0
    ],
    "TaskName": "unknown",
    "dataset": "ds001178",
    "modality": "bold",
    "subject_id": "ben05",
    "task_id": "unknown"
  },
  "dummy_trs": 0,
  "dvars_nstd": 31.694059371052628,
  "dvars_std": 1.36324485,
  "dvars_vstd": 1.2998494468421053,
  "efc": 0.5261283933696652,
  "fber": 1368.181640625,
  "fd_mean": 0.39034975028649516,
  "fd_num": 12,
  "fd_perc": 60.0,
  "fwhm_avg": 2.010866647921599,
  "fwhm_x": 1.8317314285714286,
  "fwhm_y": 2.10082,
  "fwhm_z": 2.1000485151933685,
  "gcor": 0.0441063,
  "gsr_x": -0.012633156962692738,
  "gsr_y": 0.027404803782701492,
  "provenance": {
    "md5sum": "0156d74df3b91d6759b2a25f3da895d6",
    "settings": {
      "fd_thres": 0.2,
      "testing": false
    },
    "software": "mriqc",
    "version": "22.0.6",
    "webapi_port": null,
    "webapi_url": "https://mriqc.nimh.nih.gov/api/v1"
  },
  "size_t": 20,
  "size_x": 64,
  "size_y": 64,
  "size_z": 33,
  "snr": 5.416108951793165,
  "spacing_tr": 2.0,
  "spacing_x": 3.5,
  "spacing_y": 3.5,
  "spacing_z": 3.299999952316284,
  "summary_bg_k": 36.1049184316607,
  "summary_bg_mad": 8.15431220178081,
  "summary_bg_mean": 45.03419494628906,
  "summary_bg_median": 22.399999618530273,
  "summary_bg_n": 81572.0,
  "summary_bg_p05": 15.949999809265137,
  "summary_bg_p95": 157.40000915527344,
  "summary_bg_stdv": 68.05005645751953,
  "summary_fg_k": 1.7669441846655074,
  "summary_fg_mad": 123.13009614871864,
  "summary_fg_mean": 853.5684204101562,
  "summary_fg_median": 845.5,
  "summary_fg_n": 24849.0,
  "summary_fg_p05": 595.8700317382812,
  "summary_fg_p95": 1122.5100585937498,
  "summary_fg_stdv": 156.10523986816406,
  "tsnr": 55.042505082674325
}