{
  "aor": 0.0486615,
  "aqi": 0.009938059999999999,
  "bids_meta": {
    "EchoTime": 0.028,
    "EffectiveEchoSpacing": 0.000510004,
    "FlipAngle": 78,
    "ImageType": "ORIGINAL_PRIMARY_M_ND_MOSAIC",
    "MagneticFieldStrength": 3,
    "Manufacturer": "Siemens",
    "ManufacturersModelName": "TrioTim",
    "PhaseEncodingDirection": "j-",
    "RepetitionTime": 2,
    "SliceTiming": [
      1.945,
      1.885,
      1.825,
      1.7625,
      1.7025,
      1.6425,
      1.58,
      1.52,
      1.46,
      1.3975,
      1.3375,
      1.2775,
      1.215,
      1.155,
      1.095,
      1.0325,
      0.9725,
      0.9125,
      0.85,
      0.79,
      0.73,
      0.6675,
      0.6075,
      0.5475,
      0.485,
      0.425,
      0.365,
      0.3025,
      0.2425,
      0.1825,
      0.12,
      0.06,
      0
    ],
    "TaskName": "unknown",
    "dataset": "ds001178",
    "modality": "bold",
    "subject_id": "ben07",
    "task_id": "unknown"
  },
  "dummy_trs": 0,
  "dvars_nstd": 37.29047474157895,
  "dvars_std": 1.4750659110526319,
  "dvars_vstd": 1.3705730821052629,
  "efc": 0.5267258253771074,
  "fber": 1364.9918212890625,
  "fd_mean": 0.5249609288172835,
  "fd_num": 19,
  "fd_perc": 95.0,
  "fwhm_avg": 2.025320904870012,
  "fwhm_x": 1.8381057142857142,
  "fwhm_y": 2.11826,
  "fwhm_z": 2.1195970003243216,
  "gcor": 0.0458321,
  "gsr_x": -0.013276590965688229,
  "gsr_y": 0.028673576191067696,
  "provenance": {
    "md5sum": "230442bb724d1a8567e88f428683de10",
    "settings": {
      "fd_thres": 0.2,
      "testing": false
    },
    "software": "mriqc",
    "version": "22.0.6",
    "webapi_port": null,
    "webapi_url": "https://mriqc.nimh.nih.gov/api/v1"
  },
  "size_t": 20,
  "size_x": 64,
  "size_y": 64,
  "size_z": 33,
  "snr": 5.419455134157436,
  "spacing_tr": 2.0,
  "spacing_x": 3.5,
  "spacing_y": 3.5,
  "spacing_z": 3.299999952316284,
  "summary_bg_k": 34.9089162664605,
  "summary_bg_mad": 8.22844400940968,
  "summary_bg_mean": 45.233821868896484,
  "summary_bg_median": 22.399999618530273,
  "summary_bg_n": 81495.0,
  "summary_bg_p05": 15.850000381469727,
  "summary_bg_p95": 157.96499786376967,
  "summary_bg_stdv": 67.76467895507812,
  "summary_fg_k": 1.764828049667246,
  "summary_fg_mad": 122.68533358133855,
  "summary_fg_mean": 852.5150756835938,
  "summary_fg_median": 844.5499877929688,
  "summary_fg_n": 24937.0,
  "summary_fg_p05": 593.8900268554687,
  "summary_fg_p95": 1121.1099853515623,
  "summary_fg_stdv": 155.8335723876953,
  "tsnr": 49.36514284927398
}