{
  "aor": 0.010871052631578946,
  "aqi": 0.0024568215789473684,
  "bids_meta": {
    "EchoTime": 0.028,
    "EffectiveEchoSpacing": 0.000510004,
    "FlipAngle": 78,
    "ImageType": "ORIGINAL_PRIMARY_M_ND_MOSAIC",
    "MagneticFieldStrength": 3,
    "Manufacturer": "Siemens",
    "ManufacturersModelName": "TrioTim",
    "PhaseEncodingDirection": "j-",
    "RepetitionTime": 2,
    "SliceTiming": [
      1.9475,
      1.8875,
      1.825,
      1.765,
      1.705,
      1.6425,
      1.5825,
      1.5225,
      1.46,
      1.4,
      1.34,
      1.2775,
      1.2175,
      1.1575,
      1.095,
      1.035,
      0.975,
      0.9125,
      0.8525,
      0.7925,
      0.73,
      0.67,
      0.61,
      0.5475,
      0.4875,
      0.4275,
      0.365,
      0.305,
      0.245,
      0.1825,
      0.1225,
      0.0625,
      0
    ],
    "TaskName": "unknown",
    "dataset": "ds001178",
    "modality": "bold",
    "subject_id": "ben02",
    "task_id": "unknown"
  },
  "dummy_trs": 1,
  "dvars_nstd": 16.62990395277778,
  "dvars_std": 1.094142588888889,
  "dvars_vstd": 1.1096401800000002,
  "efc": 0.5256946944921205,
  "fber": 1382.2025146484375,
  "fd_mean": 0.12247771783957906,
  "fd_num": 1,
  "fd_perc": 5.2631578947368425,
  "fwhm_avg": 2.0157830693214276,
  "fwhm_x": 1.84158,
  "fwhm_y": 2.096708571428571,
  "fwhm_z": 2.1090606365357116,
  "gcor": 0.030022,
  "gsr_x": -0.012684028595685959,
  "gsr_y": 0.027628349140286446,
  "provenance": {
    "md5sum": "547c7426e10d4d2b9581b19fa95ddfdb",
    "settings": {
      "fd_thres": 0.2,
      "testing": false
    },
    "software": "mriqc",
    "version": "22.0.6",
    "webapi_port": null,
    "webapi_url": "https://mriqc.nimh.nih.gov/api/v1"
  },
  "size_t": 19,
  "size_x": 64,
  "size_y": 64,
  "size_z": 33,
  "snr": 5.412235617847195,
  "spacing_tr": 2.0,
  "spacing_x": 3.5,
  "spacing_y": 3.5,
  "spacing_z": 3.299999952316284,
  "summary_bg_k": 34.38848389421257,
  "summary_bg_mad": 8.115296502759048,
  "summary_bg_mean": 45.02665710449219,
  "summary_bg_median": 22.263158798217773,
  "summary_bg_n": 81634.0,
  "summary_bg_p05": 15.8421049118042,
  "summary_bg_p95": 158.57894897460938,
  "summary_bg_stdv": 67.8011245727539,
  "summary_fg_k": 1.8148501326151392,
  "summary_fg_mad": 122.89988740580614,
  "summary_fg_mean": 852.1232299804688,
  "summary_fg_median": 844.7894897460938,
  "summary_fg_n": 24813.0,
  "summary_fg_p05": 592.7789428710938,
  "summary_fg_p95": 1119.073706054687,
  "summary_fg_stdv": 156.08567810058594,
  "tsnr": 96.82993092853576
}