{
  "aor": 0.10567842105263159,
  "aqi": 0.025256334210526317,
  "bids_meta": {
    "EchoTime": 0.028,
    "EffectiveEchoSpacing": 0.000510004,
    "FlipAngle": 78,
    "ImageType": "ORIGINAL_PRIMARY_M_ND_MOSAIC",
    "MagneticFieldStrength": 3,
    "Manufacturer": "Siemens",
    "ManufacturersModelName": "TrioTim",
    "PhaseEncodingDirection": "j-",
    "RepetitionTime": 2,
    "SliceTiming": [
      0,
      1.035,
      0.0625,
      1.095,
      0.1225,
      1.1575,
      0.1825,
      1.2175,
      0.245,
      1.2775,
      0.305,
      1.34,
      0.365,
      1.4,
      0.4275,
      1.46,
      0.4875,
      1.5225,
      0.5475,
      1.5825,
      0.61,
      1.6425,
      0.67,
      1.705,
      0.73,
      1.765,
      0.7925,
      1.825,
      0.8525,
      1.8875,
      0.9125,
      1.9475,
      0.975
    ],
    "TaskName": "unknown",
    "dataset": "ds001178",
    "modality": "bold",
    "subject_id": "ben06",
    "task_id": "unknown"
  },
  "dummy_trs": 1,
  "dvars_nstd": 51.263907697777775,
  "dvars_std": 2.18195396,
  "dvars_vstd": 2.140145927777778,
  "efc": 0.5270063581787957,
  "fber": 1364.7010498046875,
  "fd_mean": 0.7402753948351708,
  "fd_num": 9,
  "fd_perc": 47.36842105263158,
  "fwhm_avg": 2.0319086104970174,
  "fwhm_x": 1.8426914285714286,
  "fwhm_y": 2.1335828571428572,
  "fwhm_z": 2.1194515457767653,
  "gcor": 0.111933,
  "gsr_x": -0.013202114962041378,
  "gsr_y": 0.028461851179599762,
  "provenance": {
    "md5sum": "76f52a236aabe0ae51dcee55651f0ff7",
    "settings": {
      "fd_thres": 0.2,
      "testing": false
    },
    "software": "mriqc",
    "version": "22.0.6",
    "webapi_port": null,
    "webapi_url": "https://mriqc.nimh.nih.gov/api/v1"
  },
  "size_t": 19,
  "size_x": 64,
  "size_y": 64,
  "size_z": 33,
  "snr": 5.463377406463351,
  "spacing_tr": 2.0,
  "spacing_x": 3.5,
  "spacing_y": 3.5,
  "spacing_z": 3.299999952316284,
  "summary_bg_k": 34.8352174745284,
  "summary_bg_mad": 8.271359298846098,
  "summary_bg_mean": 45.2597541809082,
  "summary_bg_median": 22.421052932739258,
  "summary_bg_n": 81488.0,
  "summary_bg_p05": 15.8421049118042,
  "summary_bg_p95": 157.92895278930632,
  "summary_bg_stdv": 67.78253936767578,
  "summary_fg_k": 1.813566929638247,
  "summary_fg_mad": 120.40297315927141,
  "summary_fg_mean": 852.4757690429688,
  "summary_fg_median": 845.7368774414062,
  "summary_fg_n": 24935.0,
  "summary_fg_p05": 593.9000183105469,
  "summary_fg_p95": 1117.2842651367184,
  "summary_fg_stdv": 154.79800415039062,
  "tsnr": 30.078013631748036
}