{
  "aor": 0.030167500000000007,
  "aqi": 0.0089721325,
  "bids_meta": {
    "EchoTime": 0.028,
    "EffectiveEchoSpacing": 0.000510004,
    "FlipAngle": 78,
    "ImageType": "ORIGINAL_PRIMARY_M_ND_MOSAIC",
    "MagneticFieldStrength": 3,
    "Manufacturer": "Siemens",
    "ManufacturersModelName": "TrioTim",
    "PhaseEncodingDirection": "j-",
    "RepetitionTime": 2,
    "SliceTiming": [
      1.9475,
      1.885,
      1.825,
      1.765,
      1.7025,
      1.6425,
      1.5825,
      1.52,
      1.46,
      1.4,
      1.3375,
      1.2775,
      1.2175,
      1.155,
      1.095,
      1.035,
      0.9725,
      0.9125,
      0.8525,
      0.79,
      0.73,
      0.67,
      0.6075,
      0.5475,
      0.4875,
      0.425,
      0.365,
      0.305,
      0.2425,
      0.1825,
      0.1225,
      0.06,
      0
    ],
    "TaskName": "unknown",
    "dataset": "ds001178",
    "modality": "bold",
    "subject_id": "ben08",
    "task_id": "unknown"
  },
  "dummy_trs": 0,
  "dvars_nstd": 32.57576350157895,
  "dvars_std": 1.1414285184210529,
  "dvars_vstd": 1.097398592631579,
  "efc": 0.5261690315615347,
  "fber": 1369.3280029296875,
  "fd_mean": 0.5175026785282981,
  "fd_num": 12,
  "fd_perc": 60.0,
  "fwhm_avg": 2.0227963160604436,
  "fwhm_x": 1.8398771428571428,
  "fwhm_y": 2.1224057142857142,
  "fwhm_z": 2.106106091038474,
  "gcor": 0.044312,
  "gsr_x": -0.01294222567230463,
  "gsr_y": 0.02736341394484043,
  "provenance": {
    "md5sum": "ba56e6a3a507f9436a2ffb2ad6a5bf0a",
    "settings": {
      "fd_thres": 0.2,
      "testing": false
    },
    "software": "mriqc",
    "version": "22.0.6",
    "webapi_port": null,
    "webapi_url": "https://mriqc.nimh.nih.gov/api/v1"
  },
  "size_t": 20,
  "size_x": 64,
  "size_y": 64,
  "size_z": 33,
  "snr": 5.427497185829979,
  "spacing_tr": 2.0,
  "spacing_x": 3.5,
  "spacing_y": 3.5,
  "spacing_z": 3.299999952316284,
  "summary_bg_k": 35.897015535410304,
  "summary_bg_mad": 8.15431220178081,
  "summary_bg_mean": 45.21380615234375,
  "summary_bg_median": 22.350000381469727,
  "summary_bg_n": 81565.0,
  "summary_bg_p05": 15.850000381469727,
  "summary_bg_p95": 158.0500030517578,
  "summary_bg_stdv": 68.58827209472656,
  "summary_fg_k": 1.8282013803711852,
  "summary_fg_mad": 121.9810884784626,
  "summary_fg_mean": 851.9037475585938,
  "summary_fg_median": 843.7750244140625,
  "summary_fg_n": 24908.0,
  "summary_fg_p05": 595.4675079345703,
  "summary_fg_p95": 1117.050048828125,
  "summary_fg_stdv": 155.4598846435547,
  "tsnr": 50.15736528951675
}