{
  "aor": 0.0013198709677419353,
  "aqi": 0.007240398774193548,
  "bids_meta": {
    "EchoTime": 0.03,
    "EffectiveEchoSpacing": 0.000540001,
    "FlipAngle": 55,
    "ImageType": "ORIGINAL_PRIMARY_M_ND_MOSAIC",
    "MagneticFieldStrength": 3,
    "Manufacturer": "Siemens",
    "ManufacturersModelName": "TrioTim",
    "PhaseEncodingDirection": "j-",
    "RepetitionTime": 2,
    "SliceTiming": [
      1.94,
      1.875,
      1.8075,
      1.74,
      1.6725,
      1.6075,
      1.54,
      1.4725,
      1.405,
      1.34,
      1.2725,
      1.205,
      1.1375,
      1.07,
      1.005,
      0.9375,
      0.87,
      0.8025,
      0.7375,
      0.67,
      0.6025,
      0.535,
      0.47,
      0.4025,
      0.335,
      0.2675,
      0.2025,
      0.135,
      0.0675,
      0
    ],
    "TaskName": "unknown",
    "dataset": "ds001178",
    "modality": "bold",
    "subject_id": "ben09",
    "task_id": "unknown"
  },
  "dummy_trs": 0,
  "dvars_nstd": 22.544756554805193,
  "dvars_std": 1.0078635335714288,
  "dvars_vstd": 0.9810007070129867,
  "efc": 0.568146284788778,
  "fber": 879.3345336914062,
  "fd_mean": 0.09250174414280521,
  "fd_num": 7,
  "fd_perc": 4.516129032258065,
  "fwhm_avg": 2.247757686814506,
  "fwhm_x": 2.161636666666667,
  "fwhm_y": 2.4957333333333334,
  "fwhm_z": 2.085903060443518,
  "gcor": 0.0144091,
  "gsr_x": -0.03316796198487282,
  "gsr_y": 0.06572669744491577,
  "provenance": {
    "md5sum": "9ad29a14afdc53f40ebbc2af36f20654",
    "settings": {
      "fd_thres": 0.2,
      "testing": false
    },
    "software": "mriqc",
    "version": "22.0.6",
    "webapi_port": null,
    "webapi_url": "https://mriqc.nimh.nih.gov/api/v1"
  },
  "size_t": 155,
  "size_x": 74,
  "size_y": 74,
  "size_z": 30,
  "snr": 4.915831433772561,
  "spacing_tr": 2.0,
  "spacing_x": 3.0,
  "spacing_y": 3.0,
  "spacing_z": 3.299999952316284,
  "summary_bg_k": 30.350745772574406,
  "summary_bg_mad": 5.499974968448766,
  "summary_bg_mean": 40.973819732666016,
  "summary_bg_median": 24.37419319152832,
  "summary_bg_n": 91803.0,
  "summary_bg_p05": 19.535484313964844,
  "summary_bg_p95": 119.28386688232422,
  "summary_bg_stdv": 45.575199127197266,
  "summary_fg_k": 1.4577981808020564,
  "summary_fg_mad": 130.10558394251163,
  "summary_fg_mean": 759.3115844726562,
  "summary_fg_median": 746.3096923828125,
  "summary_fg_n": 37481.0,
  "summary_fg_p05": 528.5225830078125,
  "summary_fg_p95": 1024.6903076171875,
  "summary_fg_stdv": 151.81556701660156,
  "tsnr": 56.381358748301864
}