{
  "aor": 0.027603030303030303,
  "aqi": 0.03173020606060606,
  "bids_meta": {
    "EchoTime": 0.025,
    "EffectiveEchoSpacing": 0.000347392,
    "FlipAngle": 90,
    "ImageType": "ORIGINAL_PRIMARY_M_ND_MOSAIC",
    "MagneticFieldStrength": 3,
    "Manufacturer": "Siemens",
    "ManufacturersModelName": "TrioTim",
    "PhaseEncodingDirection": "j-",
    "RepetitionTime": 2,
    "SliceTiming": [
      0,
      1.025,
      0.0625,
      1.085,
      0.1225,
      1.145,
      0.1825,
      1.205,
      0.2425,
      1.265,
      0.3025,
      1.325,
      0.3625,
      1.385,
      0.4225,
      1.4475,
      0.4825,
      1.5075,
      0.5425,
      1.5675,
      0.6025,
      1.6275,
      0.6625,
      1.6875,
      0.7225,
      1.7475,
      0.785,
      1.8075,
      0.845,
      1.8675,
      0.905,
      1.9275,
      0.965
    ],
    "TaskName": "unknown",
    "dataset": "ds001178",
    "modality": "bold",
    "subject_id": "ben01",
    "task_id": "unknown"
  },
  "dummy_trs": 0,
  "dvars_nstd": 75.87817668875,
  "dvars_std": 1.7266215934375009,
  "dvars_vstd": 1.7154661696875004,
  "efc": 0.5634252462523531,
  "fber": 253.59634399414062,
  "fd_mean": 0.10130178889955353,
  "fd_num": 2,
  "fd_perc": 6.0606060606060606,
  "fwhm_avg": 2.521385261308429,
  "fwhm_x": 2.5015652173913043,
  "fwhm_y": 3.0156132173913046,
  "fwhm_z": 2.046977349142678,
  "gcor": 0.00641663,
  "gsr_x": -0.013635517098009586,
  "gsr_y": 0.03651539236307144,
  "provenance": {
    "md5sum": "79a1c2679a16c75af8dbb33aae7ae486",
    "settings": {
      "fd_thres": 0.2,
      "testing": false
    },
    "software": "mriqc",
    "version": "22.0.6",
    "webapi_port": null,
    "webapi_url": "https://mriqc.nimh.nih.gov/api/v1"
  },
  "size_t": 33,
  "size_x": 128,
  "size_y": 128,
  "size_z": 33,
  "snr": 5.174773056143741,
  "spacing_tr": 2.0,
  "spacing_x": 1.796875,
  "spacing_y": 1.796875,
  "spacing_z": 3.4499990940093994,
  "summary_bg_k": 29.896420313761325,
  "summary_bg_mad": 21.340487335410728,
  "summary_bg_mean": 78.81180572509766,
  "summary_bg_median": 59.36363983154297,
  "summary_bg_n": 364324.0,
  "summary_bg_p05": 37.66666793823242,
  "summary_bg_p95": 181.39395141601562,
  "summary_bg_stdv": 74.42494201660156,
  "summary_fg_k": 1.9426894611691798,
  "summary_fg_mad": 156.75152200776793,
  "summary_fg_mean": 974.0105590820312,
  "summary_fg_median": 966.0,
  "summary_fg_n": 95322.0,
  "summary_fg_p05": 693.8515411376953,
  "summary_fg_p95": 1294.6348388671875,
  "summary_fg_stdv": 186.6738739013672,
  "tsnr": 25.75922445813194
}